GEM
  remote: http://rubygems.org/
  specs:
    i2c (0.2.22)

PLATFORMS
  ruby

DEPENDENCIES
  i2c
